PATH
  remote: .
  specs:
    open311 (0.1.0)
      faraday (~> 0.5.3)
      faraday_middleware (~> 0.3.0)
      hashie (~> 0.4.0)
      multi_json (~> 0.0.5)
      multi_xml (~> 0.2.0)

GEM
  remote: http://rubygems.org/
  specs:
    ZenTest (4.4.0)
    addressable (2.2.2)
    archive-tar-minitar (0.5.2)
    columnize (0.3.2)
    crack (0.1.8)
    diff-lcs (1.1.2)
    faraday (0.5.3)
      addressable (~> 2.2.2)
      multipart-post (~> 1.0.1)
      rack (>= 1.1.0, < 2)
    faraday_middleware (0.3.0)
      faraday (~> 0.5.3)
    hashie (0.4.0)
    json (1.4.6)
    json (1.4.6-java)
    linecache (0.43)
    linecache19 (0.5.11)
      ruby_core_source (>= 0.1.4)
    maruku (0.6.0)
      syntax (>= 1.0.0)
    multi_json (0.0.5)
    multi_xml (0.2.0)
    multipart-post (1.0.1)
    nokogiri (1.4.4)
    nokogiri (1.4.4-java)
      weakling (>= 0.0.3)
    rack (1.2.1)
    rake (0.8.7)
    rspec (2.1.0)
      rspec-core (~> 2.1.0)
      rspec-expectations (~> 2.1.0)
      rspec-mocks (~> 2.1.0)
    rspec-core (2.1.0)
    rspec-expectations (2.1.0)
      diff-lcs (~> 1.1.2)
    rspec-mocks (2.1.0)
    ruby-debug (0.10.4)
      columnize (>= 0.1)
      ruby-debug-base (~> 0.10.4.0)
    ruby-debug-base (0.10.4)
      linecache (>= 0.3)
    ruby-debug-base19 (0.11.24)
      columnize (>= 0.3.1)
      linecache19 (>= 0.5.11)
      ruby_core_source (>= 0.1.4)
    ruby-debug19 (0.11.6)
      columnize (>= 0.3.1)
      linecache19 (>= 0.5.11)
      ruby-debug-base19 (>= 0.11.19)
    ruby_core_source (0.1.4)
      archive-tar-minitar (>= 0.5.2)
    simplecov (0.3.7)
      simplecov-html (>= 0.3.7)
    simplecov-html (0.3.9)
    syntax (1.0.0)
    weakling (0.0.4-java)
    webmock (1.6.1)
      addressable (>= 2.2.2)
      crack (>= 0.1.7)
    yard (0.6.2)

PLATFORMS
  java
  ruby

DEPENDENCIES
  ZenTest (~> 4.4)
  bundler (~> 1.0)
  faraday (~> 0.5.3)
  faraday_middleware (~> 0.3.0)
  hashie (~> 0.4.0)
  json (~> 1.4)
  maruku (~> 0.6)
  multi_json (~> 0.0.5)
  multi_xml (~> 0.2.0)
  nokogiri (~> 1.4)
  open311!
  rake (~> 0.8)
  rspec (~> 2.1)
  ruby-debug
  ruby-debug19
  simplecov (~> 0.3)
  webmock (~> 1.5)
  yard (~> 0.6)
